GIT
  remote: https://github.com/HomeBusProjects/ruby-homebus
  revision: 400534a58fab1b9537002aa9620e9afc77df8f08
  branch: main
  specs:
    homebus (0.40.0)
      paho-mqtt (~> 1.0.12)

PATH
  remote: .
  specs:
    homebus-uninterruptible-power-supply (0.0.1)

GEM
  remote: https://rubygems.org/
  specs:
    dotenv (2.8.1)
    paho-mqtt (1.0.12)
    snmp (1.3.2)

PLATFORMS
  arm64-darwin-21

DEPENDENCIES
  dotenv
  homebus!
  homebus-uninterruptible-power-supply!
  snmp

BUNDLED WITH
   2.3.21
