GIT
  remote: https://github.com/HomeBusProjects/ruby-homebus
  revision: a1a3a6d93b710166ca1e297a18db9e70feaf2861
  specs:
    homebus (0.20.0)
      mqtt (~> 0.5.0)

GEM
  remote: https://rubygems.org/
  specs:
    dotenv (2.7.6)
    mqtt (0.5.0)
    snmp (1.3.2)

PLATFORMS
  arm64-darwin-21

DEPENDENCIES
  dotenv
  homebus!
  mqtt
  snmp

BUNDLED WITH
   2.3.7
